{
  "AcquisitionMatrixPE": 96,
  "AcquisitionNumber": 1,
  "AcquisitionTime": "16:03:16.967500",
  "BandwidthPerPixelPhaseEncode": 22.401,
  "BaseResolution": 96,
  "BodyPartExamined": "BRAIN",
  "ConsistencyInfo": "N4_VE11C_LATEST_20160120",
  "ConversionSoftware": "dcm2niix",
  "ConversionSoftwareVersion": "v1.0.20190410  GCC6.3.0",
  "DerivedVendorReportedEchoSpacing": 0.000930018,
  "DeviceSerialNumber": "67014",
  "DiffusionScheme": "Monopolar",
  "DwellTime": 3.9e-06,
  "EchoTime": 0.103,
  "EchoTrainLength": 38,
  "EffectiveEchoSpacing": 0.000465009,
  "FlipAngle": 90,
  "ImageOrientationPatientDICOM": [1, 1.57277e-05, 0.000334653, 5.33885e-08, 0.99889, -0.0471043],
  "ImageType": [
    "ORIGINAL",
    "PRIMARY",
    "DIFFUSION",
    "NONE",
    "ND",
    "NORM",
    "MOSAIC"
],
  "ImagingFrequency": 123.252,
  "InPlanePhaseEncodingDirectionDICOM": "COL",
  "InstitutionAddress": "Rue_du_Bugnon_21_Lausanne_District_CH_1011",
  "InstitutionName": "Radiologie_CHUV",
  "InstitutionalDepartmentName": "Department",
  "MRAcquisitionType": "2D",
  "MagneticFieldStrength": 3,
  "Manufacturer": "Siemens",
  "ManufacturersModelName": "Prisma_fit",
  "Modality": "MR",
  "ParallelReductionFactorInPlane": 2,
  "PartialFourier": 0.75,
  "PatientPosition": "HFS",
  "PercentPhaseFOV": 100,
  "PhaseEncodingDirection": "j-",
  "PhaseEncodingSteps": 76,
  "PhaseResolution": 1,
  "PixelBandwidth": 1335,
  "ProcedureStepDescription": "RESEARCH_Patric",
  "ProtocolName": "DSI_603_q4_half_tra_STRICT",
  "PulseSequenceDetails": "%SiemensSeq%_ep2d_diff",
  "ReceiveCoilActiveElements": "HEA;HEP",
  "ReceiveCoilName": "Head_32",
  "ReconMatrixPE": 96,
  "RefLinesPE": 28,
  "RepetitionTime": 5.9,
  "SAR": 0.171722,
  "ScanOptions": "PFP_FS",
  "ScanningSequence": "EP",
  "SequenceName": "_ep_b0",
  "SequenceVariant": "SK_SP",
  "SeriesDescription": "DSI_603_q4_half_tra_STRICT",
  "SeriesNumber": 7,
  "ShimSetting": [8234, -5623, -5986, 530, 42, -115, 164, 29],
  "SliceThickness": 3,
  "SliceTiming": [2.94, 0, 3.095, 0.155, 3.25, 0.31, 3.405, 0.465, 3.56, 0.62, 3.715, 0.775, 3.87, 0.93, 4.025, 1.085, 4.1775, 1.2375, 4.3325, 1.3925, 4.4875, 1.5475, 4.6425, 1.7025, 4.7975, 1.8575, 4.9525, 2.0125, 5.1075, 2.1675, 5.2625, 2.3225, 5.4175, 2.4775, 5.57, 2.6325, 5.725, 2.785],
  "SoftwareVersions": "syngo_MR_E11",
  "SpacingBetweenSlices": 3,
  "StationName": "MRAWP67014",
  "TotalReadoutTime": 0.0441759,
  "TxRefAmp": 287.338,
  "dcmmeta_affine": [
    [-2.2083330154418945, 1.178995390205273e-07, 0.0010050665587186813, 106.89107513427734],
    [-3.473192555247806e-05, 2.2058818340301514, -0.14131295680999756, -93.30978393554688],
    [0.0007390249520540237, 0.10402204096317291, 2.9966697692871094, -23.406702041625977],
    [0.0, 0.0, 0.0, 1.0]
],
  "dcmmeta_reorient_transform": [
    [0.0, -1.0, 0.0, 95.0],
    [1.0, 0.0, 0.0, 0.0],
    [0.0, 0.0, 1.0, 0.0],
    [0.0, 0.0, 0.0, 1.0]
],
  "dcmmeta_shape": [96, 96, 38, 129],
  "dcmmeta_slice_dim": 2,
  "dcmmeta_version": 0.6,
  "global": {
    "const": {
      "AcquisitionMatrix": [96, 0, 0, 96],
      "AngioFlag": "N",
      "BitsAllocated": 16,
      "BitsStored": 12,
      "BodyPartExamined": "BRAIN",
      "Columns": 672,
      "ConfidentialityCode": "N",
      "EchoNumbers": 1,
      "EchoTime": 103.0,
      "EchoTrainLength": 38,
      "FlipAngle": 90.0,
      "HighBit": 11,
      "ImageOrientationPatient": [0.99999994388006, 1.572766431e-05, 0.00033465281994, 5.3388472e-08, 0.99888997527816, -0.0471043234617],
      "ImagePositionPatient": [-742.89106333237, -751.55300754179, 16.220901374147],
      "ImageType": [
        "ORIGINAL",
        "PRIMARY",
        "DIFFUSION",
        "NONE",
        "ND",
        "NORM",
        "MOSAIC"
],
      "ImagedNucleus": "1H",
      "ImagingFrequency": 123.251545,
      "InPlanePhaseEncodingDirection": "COL",
      "MRAcquisitionType": "2D",
      "MagneticFieldStrength": 3.0,
      "Manufacturer": "SIEMENS",
      "ManufacturerModelName": "Prisma_fit",
      "ModalitiesInStudy": "MR",
      "Modality": "MR",
      "NumberOfAverages": 1.0,
      "NumberOfPhaseEncodingSteps": 76,
      "NumberOfStudyRelatedInstances": 746,
      "PercentPhaseFieldOfView": 100.0,
      "PercentSampling": 100.0,
      "PerformedProcedureStepStartTime": "154647.565000",
      "PhotometricInterpretation": "MONOCHROME2",
      "PixelBandwidth": 1335.0,
      "PixelRepresentation": 0,
      "PixelSpacing": [2.2083332538605, 2.2083332538605],
      "ProtocolName": "DSI_603_q4_half_tra_STRICT",
      "RepetitionTime": 5900.0,
      "Rows": 672,
      "SAR": 0.17172242013475,
      "SamplesPerPixel": 1,
      "ScanOptions": [
        "PFP",
        "FS"
],
      "ScanningSequence": "EP",
      "SequenceVariant": [
        "SK",
        "SP"
],
      "SeriesDescription": "DSI_603_q4_half_tra_STRICT",
      "SeriesNumber": 7,
      "SeriesTime": "160518.434000",
      "SliceLocation": -18.949614139783,
      "SliceThickness": 3.0,
      "SmallestImagePixelValue": 0,
      "SoftwareVersions": "syngo MR E11",
      "SpacingBetweenSlices": 2.9999999085141,
      "SpecificCharacterSet": "ISO_IR 100",
      "StudyID": "1",
      "StudyTime": "154647.501000",
      "TransmitCoilName": "Body",
      "VariableFlipAngleFlag": "N",
      "WindowCenterWidthExplanation": "Algo1",
      "dBdt": 0.0},
