{
  "AcquisitionMatrixPE": 94,
  "AcquisitionNumber": 1,
  "AcquisitionTime": "14:48:30.535000",
  "BandwidthPerPixelPhaseEncode": 18.997,
  "BaseResolution": 94,
  "BodyPartExamined": "BRAIN",
  "ConsistencyInfo": "N4_VE11C_LATEST_20160120",
  "ConversionSoftware": "dcm2niix",
  "ConversionSoftwareVersion": "v1.0.20190410  GCC6.3.0",
  "DerivedVendorReportedEchoSpacing": 0.000559999,
  "DeviceSerialNumber": "67014",
  "DwellTime": 2.2e-06,
  "EchoTime": 0.033,
  "EchoTrainLength": 94,
  "EffectiveEchoSpacing": 0.000559999,
  "FlipAngle": 47,
  "ImageOrientationPatientDICOM": [1, 0, 0, 0, 1, 0],
  "ImageType": [
    "ORIGINAL",
    "PRIMARY",
    "M",
    "ND",
    "MOSAIC"
],
  "ImagingFrequency": 123.252,
  "InPlanePhaseEncodingDirectionDICOM": "COL",
  "InstitutionAddress": "Rue_du_Bugnon_21_Lausanne_District_CH_1011",
  "InstitutionName": "Radiologie_CHUV",
  "InstitutionalDepartmentName": "Department",
  "MRAcquisitionType": "2D",
  "MagneticFieldStrength": 3,
  "Manufacturer": "Siemens",
  "ManufacturersModelName": "Prisma_fit",
  "Modality": "MR",
  "MultibandAccelerationFactor": 8,
  "PartialFourier": 1,
  "PatientPosition": "HFS",
  "PercentPhaseFOV": 100,
  "PhaseEncodingDirection": "j-",
  "PhaseEncodingSteps": 94,
  "PhaseResolution": 1,
  "PixelBandwidth": 2420,
  "ProcedureStepDescription": "RESEARCH_Patric",
  "ProtocolName": "ep2d_bold_moco_p1_s8_REST",
  "PulseSequenceDetails": "%SiemensSeq%_ep2d_bold",
  "ReceiveCoilActiveElements": "HEA;HEP",
  "ReceiveCoilName": "Head_32",
  "ReconMatrixPE": 94,
  "RefLinesPE": 28,
  "RepetitionTime": 0.5,
  "SAR": 0.0824783,
  "ScanOptions": "FS",
  "ScanningSequence": "EP",
  "SequenceName": "_epfid2d1_94",
  "SequenceVariant": "SK",
  "SeriesDescription": "ep2d_bold_moco_p1_s8_REST",
  "SeriesNumber": 8,
  "ShimSetting": [8223, -5579, -6004, 577, 17, 3, 107, 57],
  "SliceThickness": 2.6,
  "SliceTiming": [0.32, 0, 0.24, 0.16, 0.4, 0.08, 0.32, 0, 0.24, 0.16, 0.4, 0.08, 0.32, 0, 0.24, 0.16, 0.4, 0.08, 0.32, 0, 0.24, 0.16, 0.4, 0.08, 0.32, 0, 0.24, 0.16, 0.4, 0.08, 0.32, 0, 0.24, 0.16, 0.4, 0.08, 0.32, 0, 0.24, 0.16, 0.4, 0.08, 0.32, 0, 0.24, 0.16, 0.4, 0.08],
  "SoftwareVersions": "syngo_MR_E11",
  "SpacingBetweenSlices": 2.86,
  "StationName": "MRAWP67014",
  "TaskName": "rest",
  "TotalReadoutTime": 0.0520799,
  "TxRefAmp": 272.986,
  "dcmmeta_affine": [
    [-2.382978677749634, 0.0, 0.0, 112.60795593261719],
    [0.0, 2.382978677749634, 0.0, -96.35459899902344],
    [0.0, 0.0, 2.8600001335144043, -47.97475051879883],
    [0.0, 0.0, 0.0, 1.0]
],
  "dcmmeta_reorient_transform": [
    [0.0, -1.0, 0.0, 93.0],
    [1.0, 0.0, 0.0, 0.0],
    [0.0, 0.0, 1.0, 0.0],
    [0.0, 0.0, 0.0, 1.0]
],
  "dcmmeta_shape": [94, 94, 48, 720],
  "dcmmeta_slice_dim": 2,
  "dcmmeta_version": 0.6,
  "global": {
    "const": {
      "AcquisitionMatrix": [94, 0, 0, 94],
      "AngioFlag": "N",
      "BitsAllocated": 16,
      "BitsStored": 12,
      "BodyPartExamined": "BRAIN",
      "Columns": 658,
      "ConfidentialityCode": "N",
      "EchoNumbers": 1,
      "EchoTime": 33.0,
      "EchoTrainLength": 94,
      "FlipAngle": 47.0,
      "HighBit": 11,
      "ImageOrientationPatient": [1.0, 0.0, 0.0, 0.0, 1.0, 0.0],
      "ImagePositionPatient": [-784.60794568062, -797.2624065876, -47.974750518799],
      "ImageType": [
        "ORIGINAL",
        "PRIMARY",
        "M",
        "ND",
        "MOSAIC"
],
      "ImagedNucleus": "1H",
      "ImagingFrequency": 123.251565,
      "InPlanePhaseEncodingDirection": "COL",
      "MRAcquisitionType": "2D",
      "MagneticFieldStrength": 3.0,
      "Manufacturer": "SIEMENS",
      "ManufacturerModelName": "Prisma_fit",
      "ModalitiesInStudy": "MR",
      "Modality": "MR",
      "NumberOfAverages": 1.0,
      "NumberOfPhaseEncodingSteps": 94,
      "NumberOfStudyRelatedInstances": 1096,
      "PercentPhaseFieldOfView": 100.0,
      "PercentSampling": 100.0,
      "PerformedProcedureStepStartTime": "143605.017000",
      "PhotometricInterpretation": "MONOCHROME2",
      "PixelBandwidth": 2420.0,
      "PixelRepresentation": 0,
      "PixelSpacing": [2.3829786777496, 2.3829786777496],
      "ProtocolName": "ep2d_bold_moco_p1_s8_REST",
      "RepetitionTime": 500.0,
      "Rows": 658,
      "SAR": 0.08247828980887,
      "SamplesPerPixel": 1,
      "ScanOptions": "FS",
      "ScanningSequence": "EP",
      "SequenceName": "*epfid2d1_94",
      "SequenceVariant": "SK",
      "SeriesDescription": "ep2d_bold_moco_p1_s8_REST",
      "SeriesNumber": 8,
      "SeriesTime": "144859.546000",
      "SliceLocation": -47.974750518799,
      "SliceThickness": 2.5999999046326,
      "SmallestImagePixelValue": 0,
      "SoftwareVersions": "syngo MR E11",
      "SpacingBetweenSlices": 2.8600000422052,
      "SpecificCharacterSet": "ISO_IR 100",
      "StudyID": "1",
      "StudyTime": "143604.939000",
      "TransmitCoilName": "Body",
      "VariableFlipAngleFlag": "N",
      "WindowCenterWidthExplanation": "Algo1",
      "dBdt": 0.0},
